PATH
  remote: .
  specs:
    wy_wecall (0.1.12)
      faraday (>= 2.0.0)

GEM
  remote: https://rubygems.org/
  specs:
    base64 (0.3.0)
    diff-lcs (1.6.2)
    faraday (2.8.1)
      base64
      faraday-net_http (>= 2.0, < 3.1)
      ruby2_keywords (>= 0.0.4)
    faraday-net_http (3.0.2)
    rake (12.3.3)
    rspec (3.13.1)
      rspec-core (~> 3.13.0)
      rspec-expectations (~> 3.13.0)
      rspec-mocks (~> 3.13.0)
    rspec-core (3.13.5)
      rspec-support (~> 3.13.0)
    rspec-expectations (3.13.5)
      diff-lcs (>= 1.2.0, < 2.0)
      rspec-support (~> 3.13.0)
    rspec-mocks (3.13.5)
      diff-lcs (>= 1.2.0, < 2.0)
      rspec-support (~> 3.13.0)
    rspec-support (3.13.4)
    ruby2_keywords (0.0.5)

PLATFORMS
  ruby

DEPENDENCIES
  rake (~> 12.0)
  rspec (~> 3.0)
  wy_wecall!

BUNDLED WITH
   2.6.9
